GIT
  remote: git://github.com/cloudfoundry/cf.git
  revision: e574b781732e2cad3d186e3d46fe60991ff81697
  specs:
    cf (0.5.1.rc4)
      cfoundry (>= 0.5.3.rc5, < 0.6)
      clouseau (~> 0.0)
      interact (~> 0.5)
      json_pure (~> 1.6)
      mothership (>= 0.5.1, < 1.0)
      multi_json (~> 1.3)

GIT
  remote: git://github.com/cloudfoundry/vmc-lib.git
  revision: 319718343b3092a1802f950ab5efbccd7f65d410
  submodules: true
  specs:
    cfoundry (0.5.3.rc5)
      cf-uaa-lib (~> 1.3.9)
      multi_json (~> 1.3)
      multipart-post (~> 1.1)
      rubyzip (~> 0.9)

GEM
  remote: http://rubygems.org/
  specs:
    addressable (2.3.3)
    cf-uaa-lib (1.3.10)
      multi_json
    clouseau (0.0.2)
      rubyzip (~> 0.9.9)
    crack (0.3.2)
    diff-lcs (1.1.3)
    fakefs (0.4.2)
    interact (0.5.2)
    json_pure (1.7.7)
    mothership (0.5.1)
    multi_json (1.6.1)
    multipart-post (1.2.0)
    rake (10.0.3)
    rr (1.0.4)
    rspec (2.12.0)
      rspec-core (~> 2.12.0)
      rspec-expectations (~> 2.12.0)
      rspec-mocks (~> 2.12.0)
    rspec-core (2.12.2)
    rspec-expectations (2.12.1)
      diff-lcs (~> 1.1.3)
    rspec-mocks (2.12.2)
    rubyzip (0.9.9)
    webmock (1.9.0)
      addressable (>= 2.2.7)
      crack (>= 0.1.7)

PLATFORMS
  ruby

DEPENDENCIES
  cf!
  cfoundry!
  fakefs
  rake
  rr (~> 1.0)
  rspec (~> 2.11)
  webmock (~> 1.9)
